GEM
  remote: https://rubygems.org/
  specs:
    atk (3.1.0)
      glib2 (= 3.1.0)
    byebug (9.0.6)
    cairo (1.15.3)
      pkg-config (>= 1.1.5)
    cairo-gobject (3.1.0)
      cairo
      glib2 (= 3.1.0)
    cronofy (0.13.0)
      hashie (>= 2.1, < 4)
      oauth2 (~> 1.0)
    faraday (0.9.2)
      multipart-post (>= 1.2, < 3)
    gdk3 (3.1.0)
      cairo-gobject (= 3.1.0)
      gdk_pixbuf2 (= 3.1.0)
      gobject-introspection (= 3.1.0)
      pango (= 3.1.0)
    gdk_pixbuf2 (3.1.0)
      gio2 (= 3.1.0)
    gio2 (3.1.0)
      glib2 (= 3.1.0)
      gobject-introspection (= 3.1.0)
    glib2 (3.1.0)
      pkg-config
    gobject-introspection (3.1.0)
      glib2 (= 3.1.0)
    gtk3 (3.1.0)
      atk (= 3.1.0)
      gdk3 (= 3.1.0)
      gdk_pixbuf2 (= 3.1.0)
      gio2 (= 3.1.0)
      glib2 (= 3.1.0)
      gobject-introspection (= 3.1.0)
      pango (= 3.1.0)
    hashie (3.4.6)
    jwt (1.5.6)
    multi_json (1.12.1)
    multi_xml (0.5.5)
    multipart-post (2.0.0)
    oauth2 (1.2.0)
      faraday (>= 0.8, < 0.10)
      jwt (~> 1.0)
      multi_json (~> 1.3)
      multi_xml (~> 0.5)
      rack (>= 1.2, < 3)
    pango (3.1.0)
      cairo (>= 1.14.0)
      glib2 (= 3.1.0)
    pkg-config (1.1.7)
    rack (1.6.5)
    ruby-mpd (0.3.3)

PLATFORMS
  ruby

DEPENDENCIES
  byebug
  cronofy
  gtk3
  rack (= 1.6.5)
  ruby-mpd

BUNDLED WITH
   1.13.6
